NRRD0004
# Complete NRRD file format specification at:
# http://teem.sourceforge.net/nrrd/format.html
content: permute(???,1,0,2)
type: double
dimension: 3
space: LPS
sizes: 20 40 20
space directions: (-1,5,0) (0,0.96,0.27) (0,0.27,-0.96)
centerings: cell cell cell
kinds: domain domain domain
endian: little
encoding: raw
space units: "mm" "mm" "mm"
space origin: (10.65, -58, 39)
data file: tmp-sb.raw
